GEM
  remote: https://rubygems.org/
  specs:
    manticore (0.6.1-java)

PLATFORMS
  java

DEPENDENCIES
  manticore

BUNDLED WITH
   1.15.4
